GEM
  remote: http://rubygems.org/
  specs:
    macaddr (1.5.0)
      systemu (>= 2.4.0)
    nokogiri (1.5.0)
    systemu (2.4.2)
    uuid (2.3.5)
      macaddr (~> 1.0)

PLATFORMS
  ruby

DEPENDENCIES
  nokogiri
  uuid
